GEM
  remote: http://rubygems.org/
  remote: http://rubygems.org/
  specs:
    backports (2.0.3)
    haml (3.0.25)
    monkey-lib (0.5.4)
      backports
    rack (1.2.2)
    rack-flash (0.1.1)
      rack
    rdiscount (1.6.8)
    sass (3.1.0.alpha.252)
    sinatra (1.2.1)
      rack (~> 1.1)
      tilt (>= 1.2.2, < 2.0)
    sinatra-advanced-routes (0.5.1)
      monkey-lib (~> 0.5.0)
      sinatra (~> 1.0)
      sinatra-sugar (~> 0.5.0)
    sinatra-content-for (0.2)
      sinatra
    sinatra-redirect-with-flash (0.1.2)
      rack-flash (>= 0.1.1)
      sinatra (>= 0.9.1)
    sinatra-reloader (0.5.0)
      sinatra (~> 1.0)
      sinatra-advanced-routes (~> 0.5.0)
    sinatra-sugar (0.5.0)
      monkey-lib (~> 0.5.0)
      sinatra (~> 1.0)
    tilt (1.2.2)

PLATFORMS
  ruby

DEPENDENCIES
  haml
  rack-flash
  rdiscount
  sass
  sinatra
  sinatra-content-for
  sinatra-redirect-with-flash
  sinatra-reloader
